GIT
  remote: git://github.com/hostingstack/ruote-kit.git
  revision: d683d8821368a7204dca66471af683f4d67a9131
  specs:
    ruote-kit (2.2.1)
      haml (>= 3.0.25)
      rufus-json (>= 0.2.5)
      sinatra (~> 1.2.0)
      sinatra-respond_to (~> 0.7.0)

GIT
  remote: git://github.com/jmettraux/ruote-sequel.git
  revision: c726fb29da9baf53bba1db8cef0a430973879b20
  specs:
    ruote-sequel (2.2.1)
      ruote (>= 2.2.1)
      sequel (= 3.20.0)

GIT
  remote: git://github.com/jmettraux/ruote.git
  revision: b66b34f1315c4bc99acec8d5db07e62160a4b896
  specs:
    ruote (2.2.1)
      parslet (= 1.2.3)
      rufus-cloche (>= 1.0.1)
      rufus-dollar (>= 1.0.4)
      rufus-json (>= 1.0.1)
      rufus-mnemo (>= 1.2.2)
      rufus-scheduler (>= 2.0.13)
      rufus-treechecker (>= 1.0.8)
      sourcify (= 0.5.0)

GIT
  remote: git://github.com/hostingstack/resque-status.git
  revision: 018c485e7955acc9106f9f1827571536f55cbe1d
  specs:
    resque-status (0.2.4)
      redisk (>= 0.2.1)
      resque (>= 1.3.1)
      uuid (>= 2.0.2)

PATH
  remote: gems/hs-api
  specs:
    hs-api (0.01)
      resque
      resque-status
      thrift

GEM
  remote: http://rubygems.org/
  specs:
    abstract (1.0.0)
    actionmailer (3.0.9)
      actionpack (= 3.0.9)
      mail (~> 2.2.19)
    actionpack (3.0.9)
      activemodel (= 3.0.9)
      activesupport (= 3.0.9)
      builder (~> 2.1.2)
      erubis (~> 2.6.6)
      i18n (~> 0.5.0)
      rack (~> 1.2.1)
      rack-mount (~> 0.6.14)
      rack-test (~> 0.5.7)
      tzinfo (~> 0.3.23)
    activemodel (3.0.9)
      activesupport (= 3.0.9)
      builder (~> 2.1.2)
      i18n (~> 0.5.0)
    activerecord (3.0.9)
      activemodel (= 3.0.9)
      activesupport (= 3.0.9)
      arel (~> 2.0.10)
      tzinfo (~> 0.3.23)
    activeresource (3.0.9)
      activemodel (= 3.0.9)
      activesupport (= 3.0.9)
    activesupport (3.0.9)
    arel (2.0.10)
    attr_required (0.0.3)
    bcrypt-ruby (2.1.4)
    bcrypt-ruby (2.1.4-java)
    blankslate (2.1.2.4)
    builder (2.1.2)
    ci_reporter (1.6.5)
      builder (>= 2.1.2)
    devise (1.4.2)
      bcrypt-ruby (~> 2.1.2)
      orm_adapter (~> 0.0.3)
      warden (~> 1.0.3)
    devise_oauth2_providable (0.3.7)
      devise (>= 1.3.3)
      rack-oauth2 (~> 0.8.2)
      rails (>= 3.0.7)
    diff-lcs (1.1.2)
    erubis (2.6.6)
      abstract (>= 1.0.0)
    factory_girl (2.0.2)
    factory_girl_rails (1.1.0)
      factory_girl (~> 2.0.0)
      railties (>= 3.0.0)
    file-tail (1.0.7)
      tins (~> 0.3)
    haddock (0.2.2)
    haml (3.1.2)
    has_scope (0.5.1)
    httpclient (2.2.1)
    i18n (0.5.0)
    inherited_resources (1.2.2)
      has_scope (~> 0.5.0)
      responders (~> 0.6.0)
    jquery-rails (1.0.12)
      railties (~> 3.0)
      thor (~> 0.14)
    json (1.6.1)
    json (1.6.1-java)
    kgio (2.6.0)
    macaddr (1.4.0)
      systemu (~> 2.2.0)
    mail (2.2.19)
      activesupport (>= 2.3.6)
      i18n (>= 0.4.0)
      mime-types (~> 1.16)
      treetop (~> 1.4.8)
    mime-types (1.16)
    multi_json (1.0.3)
    net-dns (0.6.1)
    orm_adapter (0.0.5)
    parslet (1.2.3)
      blankslate (~> 2.0)
    pg (0.11.0)
    polyglot (0.3.2)
    public_suffix_service (0.9.0)
    rack (1.2.4)
    rack-mount (0.6.14)
      rack (>= 1.0.0)
    rack-oauth2 (0.8.7)
      activesupport (>= 2.3)
      attr_required (>= 0.0.3)
      httpclient (>= 2.2.0.2)
      i18n
      json (>= 1.4.3)
      rack (>= 1.1)
    rack-test (0.5.7)
      rack (>= 1.0)
    rails (3.0.9)
      actionmailer (= 3.0.9)
      actionpack (= 3.0.9)
      activerecord (= 3.0.9)
      activeresource (= 3.0.9)
      activesupport (= 3.0.9)
      bundler (~> 1.0)
      railties (= 3.0.9)
    railties (3.0.9)
      actionpack (= 3.0.9)
      activesupport (= 3.0.9)
      rake (>= 0.8.7)
      rdoc (~> 3.4)
      thor (~> 0.14.4)
    raindrops (0.7.0)
    rake (0.9.3.beta.1)
    rdoc (3.9.1)
    redis (2.2.2)
    redis-namespace (1.0.3)
      redis (< 3.0.0)
    redisk (0.2.2)
      redis (>= 0.1.1)
      redis-namespace (>= 0.1.0)
    responders (0.6.4)
    resque (1.19.0)
      multi_json (~> 1.0)
      redis-namespace (~> 1.0.2)
      sinatra (>= 0.9.2)
      vegas (~> 0.1.2)
    rspec (2.6.0)
      rspec-core (~> 2.6.0)
      rspec-expectations (~> 2.6.0)
      rspec-mocks (~> 2.6.0)
    rspec-core (2.6.4)
    rspec-expectations (2.6.0)
      diff-lcs (~> 1.1.2)
    rspec-mocks (2.6.0)
    rspec-rails (2.6.1)
      actionpack (~> 3.0)
      activesupport (~> 3.0)
      railties (~> 3.0)
      rspec (~> 2.6.0)
    ruby2ruby (1.3.1)
      ruby_parser (~> 2.0)
      sexp_processor (~> 3.0)
    ruby_parser (2.3.1)
      sexp_processor (~> 3.0)
    rufus-cloche (1.0.1)
      rufus-json (>= 0.2.7)
    rufus-dollar (1.0.4)
    rufus-json (1.0.1)
    rufus-mnemo (1.2.2)
    rufus-scheduler (2.0.13)
      tzinfo (>= 0.3.23)
    rufus-treechecker (1.0.8)
      ruby_parser (>= 2.0.5)
    sass (3.1.6)
    sequel (3.20.0)
    sexp_processor (3.0.8)
    sinatra (1.2.7)
      rack (~> 1.1)
      tilt (>= 1.2.2, < 2.0)
    sinatra-respond_to (0.7.0)
      sinatra (~> 1.2)
    sourcify (0.5.0)
      file-tail (>= 1.0.5)
      ruby2ruby (>= 1.2.5)
      ruby_parser (>= 2.0.5)
      sexp_processor (>= 3.0.5)
    symbolize (3.2.0)
    systemu (2.2.0)
    thor (0.14.6)
    thrift (0.8.0)
    tilt (1.3.3)
    tins (0.3.2)
    treetop (1.4.10)
      polyglot
      polyglot (>= 0.3.1)
    tzinfo (0.3.31)
    unicorn (4.0.1)
      kgio (~> 2.4)
      rack
      raindrops (~> 0.6)
    uuid (2.3.4)
      macaddr (~> 1.0)
    vegas (0.1.8)
      rack (>= 1.0.0)
    warden (1.0.5)
      rack (>= 1.0)
    yajl-ruby (0.8.2)

PLATFORMS
  java
  ruby

DEPENDENCIES
  ci_reporter
  devise
  devise_oauth2_providable
  factory_girl_rails
  haddock
  haml
  has_scope
  hs-api!
  inherited_resources
  jquery-rails
  net-dns
  pg
  public_suffix_service
  rails (= 3.0.9)
  rake (~> 0.9.3.beta.1)
  redis
  redis-namespace
  resque (>= 1.17.1)
  resque-status!
  rspec (>= 2.0)
  rspec-rails
  ruote!
  ruote-kit!
  ruote-sequel!
  sass
  symbolize
  thrift
  unicorn
  uuid
  yajl-ruby
